PATH
  remote: .
  specs:
    activevalidators (1.5.1.3.copious)
      activemodel (~> 3.1.0)
      activerecord (~> 3.1.0)
      date_validator (~> 0.6.1)
      mail (~> 2.3.0)
      rake (~> 0.9.2)

GEM
  remote: http://rubygems.org/
  specs:
    activemodel (3.1.0)
      activesupport (= 3.1.0)
      bcrypt-ruby (~> 3.0.0)
      builder (~> 3.0.0)
      i18n (~> 0.6)
    activerecord (3.1.0)
      activemodel (= 3.1.0)
      activesupport (= 3.1.0)
      arel (~> 2.2.1)
      tzinfo (~> 0.3.29)
    activesupport (3.1.0)
      multi_json (~> 1.0)
    addressable (2.2.6)
    arel (2.2.1)
    bcrypt-ruby (3.0.0)
    builder (3.0.0)
    date_validator (0.6.2)
      activemodel (< 3.2.0, >= 3.0.0)
    diff-lcs (1.1.3)
    excon (0.6.5)
    i18n (0.6.0)
    little-plugger (1.1.2)
    logging (1.5.2)
      little-plugger (>= 1.1.2)
    mail (2.3.0)
      i18n (>= 0.4.0)
      mime-types (~> 1.16)
      treetop (~> 1.4.8)
    mime-types (1.16)
    multi_json (1.0.3)
    polyglot (0.3.2)
    rack (1.3.2)
    rake (0.9.2)
    rspec (2.6.0)
      rspec-core (~> 2.6.0)
      rspec-expectations (~> 2.6.0)
      rspec-mocks (~> 2.6.0)
    rspec-core (2.6.4)
    rspec-expectations (2.6.0)
      diff-lcs (~> 1.1.2)
    rspec-mocks (2.6.0)
    sinatra (1.2.6)
      rack (~> 1.1)
      tilt (< 2.0, >= 1.2.2)
    stickler (2.1.3)
      addressable (~> 2.2.4)
      excon (~> 0.6.5)
      logging (~> 1.5.0)
      rake (~> 0.9.2)
      sinatra (~> 1.2.1)
      trollop (~> 1.16.2)
    tilt (1.3.3)
    treetop (1.4.10)
      polyglot
      polyglot (>= 0.3.1)
    trollop (1.16.2)
    tzinfo (0.3.29)

PLATFORMS
  java
  ruby

DEPENDENCIES
  activevalidators!
  bundler
  rspec
  rspec-core
  rspec-expectations
  stickler
