PATH
  remote: .
  specs:
    activevalidators (1.8.0.0.copious)
      activemodel (~> 3.1.0)
      activerecord (~> 3.1.0)
      date_validator
      mail
      rake (>= 0.8.7)

GEM
  remote: http://rubygems.org/
  specs:
    activemodel (3.1.3)
      activesupport (= 3.1.3)
      builder (~> 3.0.0)
      i18n (~> 0.6)
    activerecord (3.1.3)
      activemodel (= 3.1.3)
      activesupport (= 3.1.3)
      arel (~> 2.2.1)
      tzinfo (~> 0.3.29)
    activesupport (3.1.3)
      multi_json (~> 1.0)
    addressable (2.2.6)
    ansi (1.4.1)
    arel (2.2.1)
    builder (3.0.0)
    date_validator (0.6.2)
      activemodel (>= 3.0.0, < 3.2.0)
    excon (0.6.5)
    i18n (0.6.0)
    little-plugger (1.1.2)
    logging (1.5.2)
      little-plugger (>= 1.1.2)
    mail (2.3.0)
      i18n (>= 0.4.0)
      mime-types (~> 1.16)
      treetop (~> 1.4.8)
    mime-types (1.17.2)
    minitest (2.8.1)
    multi_json (1.0.3)
    polyglot (0.3.3)
    rack (1.3.2)
    rake (0.9.2)
    sinatra (1.2.6)
      rack (~> 1.1)
      tilt (>= 1.2.2, < 2.0)
    stickler (2.1.3)
      addressable (~> 2.2.4)
      excon (~> 0.6.5)
      logging (~> 1.5.0)
      rake (~> 0.9.2)
      sinatra (~> 1.2.1)
      trollop (~> 1.16.2)
    tilt (1.3.3)
    treetop (1.4.10)
      polyglot
      polyglot (>= 0.3.1)
    trollop (1.16.2)
    turn (0.8.3)
      ansi
    tzinfo (0.3.31)

PLATFORMS
  java
  ruby

DEPENDENCIES
  activevalidators!
  bundler
  minitest
  stickler
  turn
